GIT
  remote: git://github.com/maxjustus/sinatra-authentication.git
  revision: a4be3fb79245f69f9779847e099ee1aac6dca87f
  specs:
    sinatra-authentication (0.4.2)
      dm-core
      dm-migrations
      dm-timestamps
      dm-validations
      rack-flash3
      rufus-tokyo
      sinatra
      sinbook

GEM
  remote: http://rubygems.org/
  specs:
    addressable (2.2.8)
    aws-s3 (0.6.3)
      builder
      mime-types
      xml-simple
    builder (3.0.0)
    data_objects (0.10.10)
      addressable (~> 2.1)
    dm-aggregates (1.2.0)
      dm-core (~> 1.2.0)
    dm-core (1.2.0)
      addressable (~> 2.2.6)
    dm-do-adapter (1.2.0)
      data_objects (~> 0.10.6)
      dm-core (~> 1.2.0)
    dm-migrations (1.2.0)
      dm-core (~> 1.2.0)
    dm-postgres-adapter (1.2.0)
      dm-do-adapter (~> 1.2.0)
      do_postgres (~> 0.10.6)
    dm-timestamps (1.2.0)
      dm-core (~> 1.2.0)
    dm-validations (1.2.0)
      dm-core (~> 1.2.0)
    do_postgres (0.10.10)
      data_objects (= 0.10.10)
    faraday (0.8.4)
      multipart-post (~> 1.1)
    i18n (0.6.1)
    kgio (2.7.4)
    mail (2.4.4)
      i18n (>= 0.4.0)
      mime-types (~> 1.16)
      treetop (~> 1.4.8)
    mime-types (1.19)
    multi_json (1.4.0)
    multipart-post (1.1.5)
    newrelic_rpm (3.5.0.1)
    nokogiri (1.5.5)
    polyglot (0.3.3)
    pony (1.4)
      mail (> 2.0)
    rack (1.4.1)
    rack-canonical-host (0.0.8)
      addressable
      rack (~> 1.0)
    rack-flash3 (1.0.1)
      rack
      rack
    rack_csrf (2.4.0)
      rack (>= 0.9)
    raindrops (0.10.0)
    rdiscount (1.6.8)
    redis (2.2.2)
    rufus-tokyo (1.0.7)
    sanitize (2.0.3)
      nokogiri (>= 1.4.4, < 1.6)
    simple_oauth (0.1.9)
    sinatra (1.1.0)
      rack (~> 1.1)
      tilt (~> 1.1)
    sinatra-arg (0.0.1)
    sinbook (0.1.9)
      yajl-ruby
    tilt (1.3.3)
    treetop (1.4.11)
      polyglot
      polyglot (>= 0.3.1)
    twitter (4.4.0)
      faraday (~> 0.8)
      multi_json (~> 1.3)
      simple_oauth (~> 0.1.6)
    unicorn (4.4.0)
      kgio (~> 2.6)
      rack
      raindrops (~> 0.7)
    xml-simple (1.1.2)
    yajl-ruby (1.1.0)

PLATFORMS
  ruby

DEPENDENCIES
  aws-s3
  builder
  dm-aggregates
  dm-core
  dm-migrations
  dm-postgres-adapter
  newrelic_rpm
  pony
  rack-canonical-host
  rack_csrf
  rdiscount
  redis
  sanitize
  sinatra
  sinatra-arg
  sinatra-authentication!
  twitter
  unicorn
