GIT
  remote: git://github.com/timmillwood/sinatra-authentication.git
  revision: 2885e70eced034a1138a319d0d328f792e63df45
  specs:
    sinatra-authentication (0.4.2)
      dm-core
      dm-migrations
      dm-timestamps
      dm-validations
      rack-flash3
      rufus-tokyo
      sinatra
      sinbook

GEM
  remote: http://rubygems.org/
  specs:
    addressable (2.2.8)
    daemons (1.1.9)
    data_objects (0.10.10)
      addressable (~> 2.1)
    dm-core (1.2.0)
      addressable (~> 2.2.6)
    dm-do-adapter (1.2.0)
      data_objects (~> 0.10.6)
      dm-core (~> 1.2.0)
    dm-migrations (1.2.0)
      dm-core (~> 1.2.0)
    dm-postgres-adapter (1.2.0)
      dm-do-adapter (~> 1.2.0)
      do_postgres (~> 0.10.6)
    dm-timestamps (1.2.0)
      dm-core (~> 1.2.0)
    dm-validations (1.2.0)
      dm-core (~> 1.2.0)
    do_postgres (0.10.10)
      data_objects (= 0.10.10)
    eventmachine (1.0.0)
    haml (3.1.7)
    nokogiri (1.5.5)
    rack (1.4.1)
    rack-flash3 (1.0.1)
      rack
      rack
    rufus-tokyo (1.0.7)
    sanitize (2.0.3)
      nokogiri (>= 1.4.4, < 1.6)
    sinatra (1.1.0)
      rack (~> 1.1)
      tilt (~> 1.1)
    sinbook (0.1.9)
      yajl-ruby
    thin (1.5.0)
      daemons (>= 1.0.9)
      eventmachine (>= 0.12.6)
      rack (>= 1.0.0)
    tilt (1.3.3)
    yajl-ruby (1.1.0)

PLATFORMS
  ruby

DEPENDENCIES
  dm-core
  dm-migrations
  dm-postgres-adapter
  haml
  rack-flash3
  sanitize
  sinatra
  sinatra-authentication!
  thin (= 1.5.0)
